GEM
  remote: https://rubygems.org/
  specs:
    cpf_utils (1.3.1)
    lerolero_generator (1.0.1)
    nokogiri (1.16.4-x64-mingw-ucrt)
      racc (~> 1.4)
    racc (1.7.3)

PLATFORMS
  x64-mingw-ucrt

DEPENDENCIES
  cpf_utils
  lerolero_generator
  nokogiri

BUNDLED WITH
   2.5.9
